GEM
  remote: http://ruby.taobao.org/
  specs:
    json_pure (1.5.4)
      spruz (~> 0.2.8)
    rack (1.4.0)
    sinatra (1.2.8)
      rack (~> 1.1)
      tilt (>= 1.2.2, < 2.0)
    spruz (0.2.13)
    tilt (1.3.3)

PLATFORMS
  ruby

DEPENDENCIES
  json_pure (~> 1.5.3)
  sinatra (~> 1.2.3)
